PATH
  remote: .
  specs:
    rucaptcha (0.1.3)
      posix-spawn (>= 0.3.0)

GEM
  remote: https://rubygems.org/
  specs:
    diff-lcs (1.2.5)
    mini_magick (4.3.6)
    mini_portile (0.6.2)
    nokogiri (1.6.6.2)
      mini_portile (~> 0.6.0)
    posix-spawn (0.3.11)
    rake (10.4.2)
    rspec (3.3.0)
      rspec-core (~> 3.3.0)
      rspec-expectations (~> 3.3.0)
      rspec-mocks (~> 3.3.0)
    rspec-core (3.3.2)
      rspec-support (~> 3.3.0)
    rspec-expectations (3.3.1)
      diff-lcs (>= 1.2.0, < 2.0)
      rspec-support (~> 3.3.0)
    rspec-mocks (3.3.2)
      diff-lcs (>= 1.2.0, < 2.0)
      rspec-support (~> 3.3.0)
    rspec-support (3.3.0)
    rtesseract (1.3.1)
      nokogiri

PLATFORMS
  ruby

DEPENDENCIES
  mini_magick
  rake
  rspec (>= 3.3.0)
  rtesseract
  rucaptcha!

BUNDLED WITH
   1.10.6
